GEM
  remote: https://rubygems.org/
  specs:
    actionpack (5.1.1)
      actionview (= 5.1.1)
      activesupport (= 5.1.1)
      rack (~> 2.0)
      rack-test (~> 0.6.3)
      rails-dom-testing (~> 2.0)
      rails-html-sanitizer (~> 1.0, >= 1.0.2)
    actionview (5.1.1)
      activesupport (= 5.1.1)
      builder (~> 3.1)
      erubi (~> 1.4)
      rails-dom-testing (~> 2.0)
      rails-html-sanitizer (~> 1.0, >= 1.0.3)
    activesupport (5.1.1)
      concurrent-ruby (~> 1.0, >= 1.0.2)
      i18n (~> 0.7)
      minitest (~> 5.1)
      tzinfo (~> 1.1)
    ast (2.3.0)
    builder (3.2.3)
    concurrent-ruby (1.0.5)
    erubi (1.6.0)
    haml (5.0.1)
      temple (>= 0.8.0)
      tilt
    haml-lint (0.999.999)
      haml_lint
    haml_lint (0.25.1)
      haml (>= 4.0, < 5.1)
      rainbow
      rake (>= 10, < 13)
      rubocop (>= 0.47.0)
      sysexits (~> 1.1)
    i18n (0.8.4)
    loofah (2.0.3)
      nokogiri (>= 1.5.9)
    metaclass (0.0.4)
    mini_portile2 (2.2.0)
    minitest (5.10.2)
    mocha (1.2.1)
      metaclass (~> 0.0.1)
    netuitive_ruby_api (1.1.1)
    nokogiri (1.8.0-x64-mingw32)
      mini_portile2 (~> 2.2.0)
    parser (2.4.0.0)
      ast (~> 2.2)
    power_assert (1.0.2)
    powerpack (0.1.1)
    rack (2.0.3)
    rack-test (0.6.3)
      rack (>= 1.0)
    rails-dom-testing (2.0.3)
      activesupport (>= 4.2.0)
      nokogiri (>= 1.6)
    rails-html-sanitizer (1.0.3)
      loofah (~> 2.0)
    rainbow (2.2.2)
      rake
    rake (12.0.0)
    rubocop (0.47.1)
      parser (>= 2.3.3.1, < 3.0)
      powerpack (~> 0.1)
      rainbow (>= 1.99.1, < 3.0)
      ruby-progressbar (~> 1.7)
      unicode-display_width (~> 1.0, >= 1.0.1)
    ruby-progressbar (1.8.1)
    sysexits (1.2.0)
    temple (0.8.0)
    test-unit (3.2.4)
      power_assert
    thread_safe (0.3.6)
    tilt (2.0.7)
    tzinfo (1.2.3)
      thread_safe (~> 0.1)
    unicode-display_width (1.3.0)

PLATFORMS
  x64-mingw32

DEPENDENCIES
  actionpack!
  activesupport!
  haml-lint!
  mocha!
  netuitive_ruby_api (>= 1.0.1)!
  rubocop (= 0.47.1)!
  test-unit!

BUNDLED WITH
   1.13.7
